GEM
  remote: https://rubygems.org/
  specs:
    addressable (2.6.0)
      public_suffix (>= 2.0.2, < 4.0)
    launchy (2.4.3)
      addressable (~> 2.3)
    mini_portile2 (2.8.1)
    nokogiri (1.14.3)
      mini_portile2 (~> 2.8.0)
      racc (~> 1.4)
    public_suffix (3.0.3)
    racc (1.6.2)

PLATFORMS
  x64-mingw32
  x86_64-linux

DEPENDENCIES
  launchy
  nokogiri (>= 1.10.4)

BUNDLED WITH
   2.0.2
