GEM
  remote: https://rubygems.org/
  specs:
    addressable (2.8.0)
      public_suffix (>= 2.0.2, < 5.0)
    launchy (2.4.3)
      addressable (~> 2.3)
    mini_portile2 (2.4.0)
    nokogiri (1.10.4)
      mini_portile2 (~> 2.4.0)
    nokogiri (1.10.4-x64-mingw32)
      mini_portile2 (~> 2.4.0)
    public_suffix (4.0.6)

PLATFORMS
  x64-mingw32
  x86_64-linux

DEPENDENCIES
  launchy
  nokogiri (>= 1.10.4)

BUNDLED WITH
   2.0.2
