GEM
  remote: https://rubygems.org/
  specs:
    addressable (2.6.0)
      public_suffix (>= 2.0.2, < 4.0)
    launchy (2.4.3)
      addressable (~> 2.3)
    nokogiri (1.13.4-x64-mingw32)
      racc (~> 1.4)
    nokogiri (1.13.4-x86_64-linux)
      racc (~> 1.4)
    public_suffix (3.0.3)
    racc (1.6.0)

PLATFORMS
  x64-mingw32
  x86_64-linux

DEPENDENCIES
  launchy
  nokogiri (>= 1.10.4)

BUNDLED WITH
   2.0.2
